GEM
  remote: http://rubygems.org/
  specs:
    activemodel (3.0.0)
      activesupport (= 3.0.0)
      builder (~> 2.1.2)
      i18n (~> 0.4.1)
    activeresource (3.0.0)
      activemodel (= 3.0.0)
      activesupport (= 3.0.0)
    activesupport (3.0.0)
    builder (2.1.2)
    diff-lcs (1.1.3)
    i18n (0.4.2)
    rake (0.9.2.2)
    rspec (2.0.0)
      rspec-core (= 2.0.0)
      rspec-expectations (= 2.0.0)
      rspec-mocks (= 2.0.0)
    rspec-core (2.0.0)
    rspec-expectations (2.0.0)
      diff-lcs (>= 1.1.2)
    rspec-mocks (2.0.0)
      rspec-core (= 2.0.0)
      rspec-expectations (= 2.0.0)

PLATFORMS
  ruby

DEPENDENCIES
  activemodel (= 3.0.0)
  activeresource (= 3.0.0)
  activesupport (= 3.0.0)
  builder (= 2.1.2)
  diff-lcs (= 1.1.3)
  i18n (= 0.4.2)
  rake (= 0.9.2.2)
  rspec (= 2.0.0)
  rspec-core (= 2.0.0)
  rspec-expectations (= 2.0.0)
  rspec-mocks (= 2.0.0)
